GIT
  remote: git://github.com/alno/irwi.git
  revision: df0c21c14b330c6e5aef60e343593d9dcf92f99e
  specs:
    irwi (0.4.2)
      actionpack (>= 3.0.0)
      activerecord (>= 3.0.0)
      activesupport (>= 3.0.0)
      diff-lcs (>= 1.1.2)
      rails_autolink (>= 1.0)

GEM
  remote: https://rubygems.org/
  specs:
    RedCloth (4.2.9)
    actionmailer (3.2.18)
      actionpack (= 3.2.18)
      mail (~> 2.5.4)
    actionpack (3.2.18)
      activemodel (= 3.2.18)
      activesupport (= 3.2.18)
      builder (~> 3.0.0)
      erubis (~> 2.7.0)
      journey (~> 1.0.4)
      rack (~> 1.4.5)
      rack-cache (~> 1.2)
      rack-test (~> 0.6.1)
      sprockets (~> 2.2.1)
    activemodel (3.2.18)
      activesupport (= 3.2.18)
      builder (~> 3.0.0)
    activerecord (3.2.18)
      activemodel (= 3.2.18)
      activesupport (= 3.2.18)
      arel (~> 3.0.2)
      tzinfo (~> 0.3.29)
    activeresource (3.2.18)
      activemodel (= 3.2.18)
      activesupport (= 3.2.18)
    activesupport (3.2.18)
      i18n (~> 0.6, >= 0.6.4)
      multi_json (~> 1.0)
    acts_as_list (0.2.0)
      activerecord (>= 3.0)
    addressable (2.3.6)
    ancestry (1.3.0)
      activerecord (>= 2.3.14)
    arel (3.0.3)
    axiom-types (0.1.1)
      descendants_tracker (~> 0.0.4)
      ice_nine (~> 0.11.0)
      thread_safe (~> 0.3, >= 0.3.1)
    barby (0.5.1)
    bcrypt (3.1.7)
    bcrypt-ruby (3.1.5)
      bcrypt (>= 3.1.3)
    better_errors (1.1.0)
      coderay (>= 1.0.0)
      erubis (>= 2.6.6)
    binding_of_caller (0.7.2)
      debug_inspector (>= 0.0.1)
    bootstrap-colorpicker-rails (0.3.1)
      railties (>= 3.0)
    builder (3.0.4)
    callsite (0.0.11)
    cancan (1.6.10)
    capistrano (3.2.1)
      i18n
      rake (>= 10.0.0)
      sshkit (~> 1.3)
    capistrano-bundler (1.1.2)
      capistrano (~> 3.0)
      sshkit (~> 1.2)
    capistrano-rails (1.1.1)
      capistrano (~> 3.1)
      capistrano-bundler (~> 1.1)
    capistrano-rvm (0.1.1)
      capistrano (~> 3.0)
      sshkit (~> 1.2)
    capybara (2.3.0)
      mime-types (>= 1.16)
      nokogiri (>= 1.3.3)
      rack (>= 1.0.0)
      rack-test (>= 0.5.4)
      xpath (~> 2.0)
    carrierwave (0.10.0)
      activemodel (>= 3.2.0)
      activesupport (>= 3.2.0)
      json (>= 1.7)
      mime-types (>= 1.16)
    choice (0.1.6)
    chronic (0.10.2)
    ckeditor (3.7.3)
      mime-types
      orm_adapter
    climate_control (0.0.3)
      activesupport (>= 3.0)
    cocaine (0.5.4)
      climate_control (>= 0.0.3, < 1.0)
    coderay (1.1.0)
    coercible (1.0.0)
      descendants_tracker (~> 0.0.1)
    coffee-rails (3.2.2)
      coffee-script (>= 2.2.0)
      railties (~> 3.2.0)
    coffee-script (2.2.0)
      coffee-script-source
      execjs
    coffee-script-source (1.7.0)
    colorize (0.7.3)
    commonjs (0.2.7)
    cookiejar (0.3.2)
    cucumber (1.3.15)
      builder (>= 2.1.2)
      diff-lcs (>= 1.1.3)
      gherkin (~> 2.12)
      multi_json (>= 1.7.5, < 2.0)
      multi_test (>= 0.1.1)
    cucumber-rails (1.4.1)
      capybara (>= 1.1.2, < 3)
      cucumber (>= 1.3.8, < 2)
      mime-types (~> 1.16)
      nokogiri (~> 1.5)
      rails (>= 3, < 5)
    daemons (1.1.9)
    database_cleaner (1.3.0)
    debug_inspector (0.0.2)
    delayed_job (3.0.5)
      activesupport (~> 3.0)
    delayed_job_active_record (0.4.4)
      activerecord (>= 2.1.0, < 4)
      delayed_job (~> 3.0)
    delayed_job_web (1.2.9)
      activerecord (> 3.0.0)
      delayed_job (> 2.0.3)
      sinatra (>= 1.4.4)
    descendants_tracker (0.0.4)
      thread_safe (~> 0.3, >= 0.3.1)
    devise (2.2.8)
      bcrypt-ruby (~> 3.0)
      orm_adapter (~> 0.1)
      railties (~> 3.1)
      warden (~> 1.2.1)
    diff-lcs (1.2.5)
    docile (1.1.5)
    dotenv (0.11.1)
      dotenv-deployment (~> 0.0.2)
    dotenv-deployment (0.0.2)
    em-http-request (1.1.2)
      addressable (>= 2.3.4)
      cookiejar
      em-socksify (>= 0.3)
      eventmachine (>= 1.0.3)
      http_parser.rb (>= 0.6.0)
    em-socksify (0.3.0)
      eventmachine (>= 1.0.0.beta.4)
    equalizer (0.0.9)
    erubis (2.7.0)
    eventmachine (1.0.3)
    exception_notification (2.6.1)
      actionmailer (>= 3.0.4)
    execjs (2.2.1)
    factory_girl (4.4.0)
      activesupport (>= 3.0.0)
    factory_girl_rails (4.4.1)
      factory_girl (~> 4.4.0)
      railties (>= 3.0.0)
    faye (1.0.1)
      cookiejar (>= 0.3.0)
      em-http-request (>= 0.3.0)
      eventmachine (>= 0.12.0)
      faye-websocket (>= 0.7.0)
      multi_json (>= 1.0.0)
      rack (>= 1.0.0)
      websocket-driver (>= 0.3.0)
    faye-websocket (0.7.3)
      eventmachine (>= 0.12.0)
      websocket-driver (>= 0.3.1)
    figaro (0.7.0)
      bundler (~> 1.0)
      rails (>= 3, < 5)
    foreman (0.63.0)
      dotenv (>= 0.7)
      thor (>= 0.13.6)
    gherkin (2.12.2)
      multi_json (~> 1.3)
    google-search (1.0.3)
      json
    grape (0.6.1)
      activesupport
      builder
      hashie (>= 1.2.0)
      multi_json (>= 1.3.2)
      multi_xml (>= 0.5.2)
      rack (>= 1.3.0)
      rack-accept
      rack-mount
      virtus (>= 1.0.0)
    grape-entity (0.4.3)
      activesupport
      multi_json (>= 1.3.2)
    haml (3.1.8)
    haml-rails (0.3.5)
      actionpack (>= 3.1, < 4.1)
      activesupport (>= 3.1, < 4.1)
      haml (~> 3.1)
      railties (>= 3.1, < 4.1)
    hashie (3.1.0)
    hike (1.2.3)
    http_parser.rb (0.6.0)
    i18n (0.6.11)
    ice_nine (0.11.0)
    journey (1.0.4)
    jquery-rails (2.2.2)
      railties (>= 3.0, < 5.0)
      thor (>= 0.14, < 2.0)
    json (1.7.7)
    json_builder (3.1.7)
      activesupport (>= 2.0.0)
      json
    kaminari (0.14.1)
      actionpack (>= 3.0.0)
      activesupport (>= 3.0.0)
    kgio (2.9.2)
    less (2.4.0)
      commonjs (~> 0.2.7)
    less-rails (2.4.2)
      actionpack (>= 3.1)
      less (~> 2.4.0)
    libv8 (3.16.14.3)
    mail (2.5.4)
      mime-types (~> 1.16)
      treetop (~> 1.4.8)
    mailcatcher (0.5.12)
      activesupport (~> 3.0)
      eventmachine (~> 1.0.0)
      haml (>= 3.1, < 5)
      mail (~> 2.3)
      sinatra (~> 1.2)
      skinny (~> 0.2.3)
      sqlite3 (~> 1.3)
      thin (~> 1.5.0)
    meta_request (0.2.9)
      callsite
      rack-contrib
      railties
    mime-types (1.25.1)
    mini_magick (3.7.0)
      subexec (~> 0.2.1)
    mini_portile (0.6.0)
    multi_json (1.10.1)
    multi_test (0.1.1)
    multi_xml (0.5.5)
    net-scp (1.2.1)
      net-ssh (>= 2.6.5)
    net-ssh (2.9.1)
    nokogiri (1.6.2.1)
      mini_portile (= 0.6.0)
    orm_adapter (0.5.0)
    paperclip (3.4.2)
      activemodel (>= 3.0.0)
      activerecord (>= 3.0.0)
      activesupport (>= 3.0.0)
      cocaine (~> 0.5.0)
      mime-types
    pdf-core (0.1.6)
    pg (0.14.1)
    polyglot (0.3.5)
    prawn (0.15.0)
      pdf-core (~> 0.1.3)
      ttfunk (~> 1.1.0)
    private_pub (1.0.3)
      faye
    quiet_assets (1.0.3)
      railties (>= 3.1, < 5.0)
    rack (1.4.5)
    rack-accept (0.4.5)
      rack (>= 0.4)
    rack-cache (1.2)
      rack (>= 0.4)
    rack-contrib (1.1.0)
      rack (>= 0.9.1)
    rack-mount (0.8.3)
      rack (>= 1.0.0)
    rack-protection (1.5.3)
      rack
    rack-ssl (1.3.4)
      rack
    rack-test (0.6.2)
      rack (>= 1.0)
    railroady (1.1.1)
    rails (3.2.18)
      actionmailer (= 3.2.18)
      actionpack (= 3.2.18)
      activerecord (= 3.2.18)
      activeresource (= 3.2.18)
      activesupport (= 3.2.18)
      bundler (~> 1.0)
      railties (= 3.2.18)
    rails-erd (1.1.0)
      activerecord (>= 3.0)
      activesupport (>= 3.0)
      choice (~> 0.1.6)
      ruby-graphviz (~> 1.0.4)
    rails_autolink (1.1.6)
      rails (> 3.1)
    railties (3.2.18)
      actionpack (= 3.2.18)
      activesupport (= 3.2.18)
      rack-ssl (~> 1.3.2)
      rake (>= 0.8.7)
      rdoc (~> 3.4)
      thor (>= 0.14.6, < 2.0)
    raindrops (0.13.0)
    rake (10.3.2)
    rdoc (3.12.2)
      json (~> 1.4)
    ref (1.0.5)
    rmagick (2.13.2)
    roo (1.11.2)
      nokogiri
      rubyzip
      spreadsheet (> 0.6.4)
    rspec-core (3.0.2)
      rspec-support (~> 3.0.0)
    rspec-expectations (3.0.2)
      diff-lcs (>= 1.2.0, < 2.0)
      rspec-support (~> 3.0.0)
    rspec-mocks (3.0.2)
      rspec-support (~> 3.0.0)
    rspec-rails (3.0.1)
      actionpack (>= 3.0)
      activesupport (>= 3.0)
      railties (>= 3.0)
      rspec-core (~> 3.0.0)
      rspec-expectations (~> 3.0.0)
      rspec-mocks (~> 3.0.0)
      rspec-support (~> 3.0.0)
    rspec-support (3.0.2)
    ruby-graphviz (1.0.9)
    ruby-ole (1.2.11.7)
    rubyzip (1.1.4)
    seed_dumper (0.1.3)
      rails
    shoulda (3.5.0)
      shoulda-context (~> 1.0, >= 1.0.1)
      shoulda-matchers (>= 1.4.1, < 3.0)
    shoulda-context (1.2.1)
    shoulda-matchers (2.6.1)
      activesupport (>= 3.0.0)
    simple_form (2.0.4)
      actionpack (~> 3.0)
      activemodel (~> 3.0)
    simplecov (0.8.2)
      docile (~> 1.1.0)
      multi_json
      simplecov-html (~> 0.8.0)
    simplecov-html (0.8.0)
    sinatra (1.4.5)
      rack (~> 1.4)
      rack-protection (~> 1.4)
      tilt (~> 1.3, >= 1.3.4)
    skinny (0.2.3)
      eventmachine (~> 1.0.0)
      thin (~> 1.5.0)
    spreadsheet (0.9.7)
      ruby-ole (>= 1.0)
    sprockets (2.2.2)
      hike (~> 1.2)
      multi_json (~> 1.0)
      rack (~> 1.0)
      tilt (~> 1.1, != 1.3.0)
    sqlite3 (1.3.9)
    sshkit (1.5.1)
      colorize
      net-scp (>= 1.1.2)
      net-ssh (>= 2.8.0)
    stack_rescue (0.0.1)
      colorize (~> 0.7.3)
      google-search (~> 1.0.3)
    subexec (0.2.3)
    therubyracer (0.12.1)
      libv8 (~> 3.16.14.0)
      ref
    thin (1.5.1)
      daemons (>= 1.0.9)
      eventmachine (>= 0.12.6)
      rack (>= 1.0.0)
    thor (0.19.1)
    thread_safe (0.3.4)
    tilt (1.4.1)
    treetop (1.4.15)
      polyglot
      polyglot (>= 0.3.1)
    ttfunk (1.1.1)
    twitter-bootstrap-rails (2.2.8)
      actionpack (>= 3.1)
      execjs
      rails (>= 3.1)
      railties (>= 3.1)
    tzinfo (0.3.41)
    uglifier (2.2.1)
      execjs (>= 0.3.0)
      multi_json (~> 1.0, >= 1.0.2)
    unicorn (4.6.3)
      kgio (~> 2.6)
      rack
      raindrops (~> 0.7)
    uuidtools (2.1.4)
    virtus (1.0.2)
      axiom-types (~> 0.1)
      coercible (~> 1.0)
      descendants_tracker (~> 0.0.3)
      equalizer (~> 0.0.9)
    warden (1.2.3)
      rack (>= 1.0)
    websocket-driver (0.3.3)
    whenever (0.8.4)
      activesupport (>= 2.3.4)
      chronic (>= 0.6.3)
    xpath (2.0.0)
      nokogiri (~> 1.3)

PLATFORMS
  ruby

DEPENDENCIES
  RedCloth (~> 4.2.9)
  acts_as_list (~> 0.2.0)
  ancestry (~> 1.3.0)
  barby (~> 0.5.1)
  better_errors
  binding_of_caller
  bootstrap-colorpicker-rails (~> 0.3.1)
  cancan (~> 1.6.8)
  capistrano (~> 3.2)
  capistrano-bundler (~> 1.1)
  capistrano-rails (~> 1.1)
  capistrano-rvm
  capybara
  carrierwave (~> 0.10.0)
  ckeditor (~> 3.7.3)
  coffee-rails (~> 3.2.1)
  cucumber-rails
  database_cleaner
  delayed_job_active_record (~> 0.4.4)
  delayed_job_web (~> 1.2.0)
  devise (~> 2.2.1)
  exception_notification (~> 2.6.1)
  factory_girl_rails
  figaro
  foreman (~> 0.63.0)
  grape (~> 0.6.1)
  grape-entity (~> 0.4.1)
  haml-rails (~> 0.3.5)
  irwi!
  jquery-rails (~> 2.2.1)
  json (~> 1.7.7)
  json_builder (~> 3.1.7)
  kaminari (~> 0.14.1)
  less-rails (~> 2.4.2)
  mailcatcher
  meta_request (~> 0.2.8)
  mini_magick (~> 3.4)
  paperclip (~> 3.4.0)
  pg (~> 0.14.1)
  prawn (~> 0.14)
  private_pub (~> 1.0.3)
  quiet_assets
  railroady
  rails (= 3.2.18)
  rails-erd
  rmagick
  roo (~> 1.11.2)
  rspec-rails
  seed_dumper (~> 0.1.3)
  shoulda
  shoulda-matchers
  simple_form (~> 2.0.4)
  simplecov
  stack_rescue
  therubyracer
  thin (~> 1.5.0)
  twitter-bootstrap-rails (~> 2.2.7)
  uglifier (>= 1.0.3)
  unicorn (~> 4.6.2)
  uuidtools (~> 2.1.3)
  whenever (~> 0.8.4)
